PATH
  remote: .
  specs:
    gem_demo (0.2.0)
      text (~> 1.3)
      thor (~> 1.2)

GEM
  remote: https://rubygems.org/
  specs:
    ansi (1.5.0)
    builder (3.2.4)
    minitest (5.18.1)
    minitest-reporters (1.6.0)
      ansi
      builder
      minitest (>= 5.0)
      ruby-progressbar
    rake (13.0.6)
    ruby-progressbar (1.13.0)
    text (1.3.1)
    thor (1.2.2)

PLATFORMS
  arm64-darwin-22

DEPENDENCIES
  gem_demo!
  minitest (~> 5.0)
  minitest-reporters (~> 1.6)
  rake (~> 13.0)

BUNDLED WITH
   2.4.15
